PATH
  remote: .
  specs:
    wkcheck (0.0.7)
      rainbow (~> 1.1)
      slop (~> 3.4)
      wanikani (= 0.0.6)

GEM
  remote: https://rubygems.org/
  specs:
    aruba (0.5.4)
      childprocess (>= 0.3.6)
      cucumber (>= 1.1.1)
      rspec-expectations (>= 2.7.0)
    builder (3.2.2)
    childprocess (0.5.1)
      ffi (~> 1.0, >= 1.0.11)
    cucumber (1.3.11)
      builder (>= 2.1.2)
      diff-lcs (>= 1.1.3)
      gherkin (~> 2.12)
      multi_json (>= 1.7.5, < 2.0)
      multi_test (>= 0.0.2)
    diff-lcs (1.2.5)
    ffi (1.9.3)
    gherkin (2.12.2)
      multi_json (~> 1.3)
    metaclass (0.0.4)
    mime-types (2.1)
    mocha (0.14.0)
      metaclass (~> 0.0.1)
    multi_json (1.8.4)
    multi_test (0.0.3)
    rainbow (1.99.2)
    rake (10.1.1)
    rest-client (1.6.7)
      mime-types (>= 1.16)
    rspec-expectations (2.14.5)
      diff-lcs (>= 1.1.3, < 2.0)
    slop (3.4.7)
    wanikani (0.0.6)
      multi_json (~> 1.8)
      rest-client (~> 1.6)

PLATFORMS
  ruby

DEPENDENCIES
  aruba (~> 0.5)
  mocha (~> 0.13)
  rake (~> 10.0)
  wkcheck!
