GEM
  remote: https://rubygems.org/
  specs:
    mime-types (1.23)
    multi_json (1.5.1)
    rest-client (1.6.7)
      mime-types (>= 1.16)
    wanikani (0.0.3)
      multi_json (~> 1.5.0)
      rest-client (~> 1.6)

PLATFORMS
  ruby

DEPENDENCIES
  wanikani
