PATH
  remote: .
  specs:
    wkcheck (0.0.10)
      rainbow (~> 2.0)
      slop (~> 3.5)
      wanikani (= 0.0.7)

GEM
  remote: https://rubygems.org/
  specs:
    aruba (0.5.4)
      childprocess (>= 0.3.6)
      cucumber (>= 1.1.1)
      rspec-expectations (>= 2.7.0)
    builder (3.2.2)
    childprocess (0.5.2)
      ffi (~> 1.0, >= 1.0.11)
    cucumber (1.3.14)
      builder (>= 2.1.2)
      diff-lcs (>= 1.1.3)
      gherkin (~> 2.12)
      multi_json (>= 1.7.5, < 2.0)
      multi_test (>= 0.1.1)
    diff-lcs (1.2.5)
    ffi (1.9.3)
    gherkin (2.12.2)
      multi_json (~> 1.3)
    metaclass (0.0.4)
    mime-types (2.2)
    mocha (1.0.0)
      metaclass (~> 0.0.1)
    multi_json (1.9.2)
    multi_test (0.1.1)
    rainbow (2.0.0)
    rake (10.2.2)
    rest-client (1.6.7)
      mime-types (>= 1.16)
    rspec-expectations (2.14.5)
      diff-lcs (>= 1.1.3, < 2.0)
    slop (3.5.0)
    wanikani (0.0.7)
      multi_json (~> 1.9)
      rest-client (~> 1.6)

PLATFORMS
  ruby

DEPENDENCIES
  aruba (~> 0.5)
  mocha (~> 1.0)
  rake (~> 10.0)
  wkcheck!
