PATH
  remote: .
  specs:
    wkcheck (0.0.10)
      rainbow (~> 2.0)
      slop (~> 3.5)
      wanikani (~> 1.0)

GEM
  remote: https://rubygems.org/
  specs:
    aruba (0.6.1)
      childprocess (>= 0.3.6)
      cucumber (>= 1.1.1)
      rspec-expectations (>= 2.7.0)
    builder (3.2.2)
    childprocess (0.5.5)
      ffi (~> 1.0, >= 1.0.11)
    cucumber (1.3.17)
      builder (>= 2.1.2)
      diff-lcs (>= 1.1.3)
      gherkin (~> 2.12)
      multi_json (>= 1.7.5, < 2.0)
      multi_test (>= 0.1.1)
    diff-lcs (1.2.5)
    ffi (1.9.6)
    gherkin (2.12.2)
      multi_json (~> 1.3)
    metaclass (0.0.4)
    mime-types (2.4.3)
    minitest (5.5.0)
    mocha (1.1.0)
      metaclass (~> 0.0.1)
    multi_json (1.10.1)
    multi_test (0.1.1)
    netrc (0.10.2)
    rainbow (2.0.0)
    rake (10.4.2)
    rest-client (1.7.2)
      mime-types (>= 1.16, < 3.0)
      netrc (~> 0.7)
    rspec-expectations (3.1.2)
      diff-lcs (>= 1.2.0, < 2.0)
      rspec-support (~> 3.1.0)
    rspec-support (3.1.2)
    slop (3.6.0)
    wanikani (1.0)
      multi_json (~> 1.10)
      rest-client (~> 1.7)

PLATFORMS
  ruby

DEPENDENCIES
  aruba (~> 0.6)
  minitest (~> 5.5)
  mocha (~> 1.1)
  rake (~> 10.0)
  wkcheck!
