PATH
  remote: .
  specs:
    wkcheck (0.0.6)
      rainbow (~> 1.1.4)
      slop (~> 3.4.4)
      wanikani (~> 0.0.5)

GEM
  remote: https://rubygems.org/
  specs:
    aruba (0.5.2)
      childprocess (~> 0.3.6)
      cucumber (>= 1.1.1)
      rspec-expectations (>= 2.7.0)
    builder (3.2.0)
    childprocess (0.3.9)
      ffi (~> 1.0, >= 1.0.11)
    cucumber (1.3.1)
      builder (>= 2.1.2)
      diff-lcs (>= 1.1.3)
      gherkin (~> 2.12.0)
      multi_json (~> 1.3)
    diff-lcs (1.2.4)
    ffi (1.8.1)
    gherkin (2.12.0)
      multi_json (~> 1.3)
    metaclass (0.0.1)
    mime-types (1.25)
    mocha (0.13.3)
      metaclass (~> 0.0.1)
    multi_json (1.8.2)
    rainbow (1.1.4)
    rake (10.0.4)
    rest-client (1.6.7)
      mime-types (>= 1.16)
    rspec-expectations (2.13.0)
      diff-lcs (>= 1.1.3, < 2.0)
    slop (3.4.6)
    wanikani (0.0.5)
      multi_json (~> 1.8)
      rest-client (~> 1.6)

PLATFORMS
  ruby

DEPENDENCIES
  aruba (~> 0.5.2)
  mocha (~> 0.13.3)
  rake (~> 10.0.4)
  wkcheck!
